GEM
  remote: https://rubygems.org/
  specs:
    geokit (1.10.0)
    ruby-progressbar (1.8.1)

PLATFORMS
  ruby

DEPENDENCIES
  geokit
  ruby-progressbar

BUNDLED WITH
   1.12.5
